GEM
  remote: https://rubygems.org/
  specs:
    builder (3.2.2)
    haml (4.0.5)
      tilt
    iron_cache (1.4.2)
      iron_core (>= 0.5.1)
    iron_core (1.0.5)
      rest (>= 2.6.4)
    json (1.8.1)
    jwt (1.0.0)
    mime-types (2.3)
    multi_json (1.10.1)
    net-http-persistent (2.9.4)
    netrc (0.7.7)
    rack (1.5.2)
    rack-protection (1.5.3)
      rack
    rest (2.7.2)
      net-http-persistent (>= 2.9.1)
      rest_client (>= 1.7.1)
    rest-client (1.7.2)
      mime-types (>= 1.16, < 3.0)
      netrc (~> 0.7)
    rest_client (1.7.3)
      netrc (~> 0.7.7)
    sass (3.2.19)
    shotgun (0.9)
      rack (>= 1.0)
    sinatra (1.4.5)
      rack (~> 1.4)
      rack-protection (~> 1.4)
      tilt (~> 1.3, >= 1.3.4)
    tilt (1.4.1)
    twilio-ruby (3.13.1)
      builder (>= 2.1.2)
      jwt (~> 1.0.0)
      multi_json (>= 1.3.0)

PLATFORMS
  ruby

DEPENDENCIES
  haml
  iron_cache
  json
  rest-client
  sass
  shotgun
  sinatra
  twilio-ruby
