GEM
  remote: https://rubygems.org/
  specs:
    haml (4.0.5)
      tilt
    iron_cache (1.4.2)
      iron_core (>= 0.5.1)
    iron_core (1.0.5)
      rest (>= 2.6.4)
    json (1.8.1)
    net-http-persistent (2.9.4)
    netrc (0.7.7)
    rack (1.5.2)
    rack-protection (1.5.3)
      rack
    rest (2.7.2)
      net-http-persistent (>= 2.9.1)
      rest_client (>= 1.7.1)
    rest_client (1.7.3)
      netrc (~> 0.7.7)
    shotgun (0.9)
      rack (>= 1.0)
    sinatra (1.4.5)
      rack (~> 1.4)
      rack-protection (~> 1.4)
      tilt (~> 1.3, >= 1.3.4)
    tilt (1.4.1)

PLATFORMS
  ruby

DEPENDENCIES
  haml
  iron_cache
  json
  shotgun
  sinatra
